GEM
  specs:
    bson (1.3.0)
    bson_ext (1.3.0)
    daemons (1.1.0)
    geokit (1.5.0)
    json (1.4.6)
    mongo (1.3.0)
      bson (>= 1.3.0)
    pg (0.9.0)
    rack (1.2.2)
    sequel (3.17.0)
    sinatra (1.1.0)
      rack (~> 1.1)
      tilt (~> 1.1)
    tilt (1.1)
    ttc-gps (0.7.1)

PLATFORMS
  ruby

DEPENDENCIES
  bson_ext
  daemons (~> 1.1)
  geokit (~> 1.5)
  json (~> 1.4)
  mongo (~> 1.3)
  pg (~> 0.9)
  sequel (~> 3.17)
  sinatra (~> 1.1)
  ttc-gps
